GIT
  remote: git://github.com/steem-third-party/steem_api.git
  revision: de44a65a21fa9f31db2a160132713a46b7cc7330
  specs:
    steem_api (1.0.0)
      activerecord (>= 4, < 6)
      activerecord-sqlserver-adapter (>= 4, < 6)
      awesome_print (~> 1.7, >= 1.7.0)
      nokogiri (~> 1.8)
      rest-client (~> 2.0)
      tiny_tds (~> 1.3)

GIT
  remote: https://github.com/sparklemotion/mechanize.git
  revision: f68b1a0bdeee9ec7c9a8b7854f8e6b81d62c43b2
  branch: upgrade_net-http-persistent
  specs:
    mechanize (2.7.5)
      domain_name (~> 0.5, >= 0.5.1)
      http-cookie (~> 1.0)
      mime-types (>= 1.17.2)
      net-http-digest_auth (~> 1.1, >= 1.1.1)
      net-http-persistent (>= 2.5.2)
      nokogiri (~> 1.6)
      ntlm-http (~> 0.1, >= 0.1.1)
      webrobots (>= 0.0.9, < 0.2)

PATH
  remote: .
  specs:
    cosgrove (0.0.3)
      activesupport (~> 5.1, >= 5.1.1)
      ai4r (~> 1.13, >= 1.13)
      awesome_print (~> 1.7, >= 1.7.0)
      discordrb (~> 3.2, >= 3.2.1)
      golos_cloud (~> 1.0, >= 1.0.0)
      mechanize (~> 2.7, >= 2.7.5)
      mongoid (~> 6.1, >= 6.1.0)
      phantomjs (~> 2.1, >= 2.1.1.0)
      radiator (~> 0.3, >= 0.3.15)
      railties (~> 5.1, >= 5.1.1)
      rdiscount (~> 2.2, >= 2.2.0.1)
      rmagick (~> 2.16, >= 2.16.0)
      steem-slap (~> 0.0, >= 0.0.2)
      steem_data (~> 0.0, >= 0.0.3)
      wolfram-alpha (~> 0.3, >= 0.3.1)

GEM
  remote: https://rubygems.org/
  specs:
    actionpack (5.1.4)
      actionview (= 5.1.4)
      activesupport (= 5.1.4)
      rack (~> 2.0)
      rack-test (>= 0.6.3)
      rails-dom-testing (~> 2.0)
      rails-html-sanitizer (~> 1.0, >= 1.0.2)
    actionview (5.1.4)
      activesupport (= 5.1.4)
      builder (~> 3.1)
      erubi (~> 1.4)
      rails-dom-testing (~> 2.0)
      rails-html-sanitizer (~> 1.0, >= 1.0.3)
    activemodel (5.1.4)
      activesupport (= 5.1.4)
    activerecord (5.1.4)
      activemodel (= 5.1.4)
      activesupport (= 5.1.4)
      arel (~> 8.0)
    activerecord-sqlserver-adapter (5.1.5)
      activerecord (~> 5.1.0)
      tiny_tds
    activesupport (5.1.4)
      concurrent-ruby (~> 1.0, >= 1.0.2)
      i18n (~> 0.7)
      minitest (~> 5.1)
      tzinfo (~> 1.1)
    addressable (2.5.2)
      public_suffix (>= 2.0.2, < 4.0)
    ai4r (1.13)
    arel (8.0.0)
    awesome_print (1.8.0)
    bitcoin-ruby (0.0.14)
    bson (4.3.0)
    builder (3.2.3)
    concurrent-ruby (1.0.5)
    connection_pool (2.2.1)
    crack (0.4.3)
      safe_yaml (~> 1.0.0)
    crass (1.0.3)
    discordrb (3.2.1)
      discordrb-webhooks (~> 3.2.0.1)
      opus-ruby
      rbnacl (~> 3.4.0)
      rest-client
      websocket-client-simple (>= 0.3.0)
    discordrb-webhooks (3.2.0.1)
      rest-client
    docile (1.1.5)
    domain_name (0.5.20170404)
      unf (>= 0.0.5, < 1.0.0)
    erubi (1.7.0)
    event_emitter (0.2.6)
    ffi (1.9.18)
    golos_cloud (1.0.0)
      activerecord (>= 4, < 6)
      activerecord-sqlserver-adapter (>= 4, < 6)
      nokogiri (~> 1.8)
      rest-client (~> 2.0)
      tiny_tds (~> 1.3)
    hashdiff (0.3.7)
    hashie (3.5.7)
    http-cookie (1.0.3)
      domain_name (~> 0.5)
    i18n (0.9.1)
      concurrent-ruby (~> 1.0)
    json (2.1.0)
    little-plugger (1.1.4)
    logging (2.2.2)
      little-plugger (~> 1.1)
      multi_json (~> 1.10)
    loofah (2.1.1)
      crass (~> 1.0.2)
      nokogiri (>= 1.5.9)
    method_source (0.9.0)
    mime-types (3.1)
      mime-types-data (~> 3.2015)
    mime-types-data (3.2016.0521)
    mini_portile2 (2.3.0)
    minitest (5.11.1)
    minitest-line (0.6.4)
      minitest (~> 5.0)
    minitest-proveit (1.0.0)
      minitest (> 5, < 7)
    mongo (2.5.0)
      bson (>= 4.3.0, < 5.0.0)
    mongoid (6.2.1)
      activemodel (~> 5.1)
      mongo (>= 2.4.1, < 3.0.0)
    multi_json (1.13.1)
    net-http-digest_auth (1.4.1)
    net-http-persistent (3.0.0)
      connection_pool (~> 2.2)
    netrc (0.11.0)
    nokogiri (1.8.1)
      mini_portile2 (~> 2.3.0)
    ntlm-http (0.1.1)
    opus-ruby (1.0.1)
      ffi
    phantomjs (2.1.1.0)
    public_suffix (3.0.1)
    rack (2.0.3)
    rack-test (0.8.2)
      rack (>= 1.0, < 3)
    radiator (0.3.15)
      awesome_print (~> 1.7, >= 1.7.0)
      bitcoin-ruby (~> 0.0, >= 0.0.11)
      ffi (~> 1.9, >= 1.9.18)
      hashie (~> 3.5, >= 3.5.5)
      json (~> 2.0, >= 2.0.2)
      logging (~> 2.2, >= 2.2.0)
      net-http-persistent (>= 2.5.2)
    rails-dom-testing (2.0.3)
      activesupport (>= 4.2.0)
      nokogiri (>= 1.6)
    rails-html-sanitizer (1.0.3)
      loofah (~> 2.0)
    railties (5.1.4)
      actionpack (= 5.1.4)
      activesupport (= 5.1.4)
      method_source
      rake (>= 0.8.7)
      thor (>= 0.18.1, < 2.0)
    rake (12.3.0)
    rbnacl (3.4.0)
      ffi
    rdiscount (2.2.0.1)
    rest-client (2.0.2)
      http-cookie (>= 1.0.2, < 2.0)
      mime-types (>= 1.16, < 4.0)
      netrc (~> 0.8)
    rmagick (2.16.0)
    safe_yaml (1.0.4)
    simplecov (0.15.1)
      docile (~> 1.1.0)
      json (>= 1.8, < 3)
      simplecov-html (~> 0.10.0)
    simplecov-html (0.10.2)
    steem-slap (0.0.3)
    steem_data (0.0.3)
      mongoid (~> 6.1, >= 6.1.0)
    thor (0.20.0)
    thread_safe (0.3.6)
    tiny_tds (1.3.0)
      mini_portile2 (~> 2.0)
    tzinfo (1.2.4)
      thread_safe (~> 0.1)
    unf (0.1.4)
      unf_ext
    unf_ext (0.0.7.4)
    vcr (3.0.3)
    webmock (3.2.1)
      addressable (>= 2.3.6)
      crack (>= 0.3.2)
      hashdiff
    webrobots (0.1.2)
    websocket (1.2.5)
    websocket-client-simple (0.3.0)
      event_emitter
      websocket
    wolfram-alpha (0.3.1)
      nokogiri
    yard (0.9.12)

PLATFORMS
  ruby

DEPENDENCIES
  bundler (~> 1.15, >= 1.15.4)
  cosgrove!
  mechanize!
  minitest (~> 5.9, >= 5.9.0)
  minitest-line (~> 0.6, >= 0.6.3)
  minitest-proveit (~> 1.0, >= 1.0.0)
  rake (~> 12.1, >= 12.1.0)
  simplecov (~> 0.11, >= 0.11.2)
  steem_api!
  vcr (~> 3.0, >= 3.0.3)
  webmock (~> 3.0, >= 3.0.1)
  yard (~> 0.8, >= 0.8.7.6)

BUNDLED WITH
   1.16.0.pre.3
